GEM
  remote: https://rubygems.org/
  specs:
    diff-lcs (1.5.0)
    rspec-core (3.11.0)
      rspec-support (~> 3.11.0)
    rspec-expectations (3.11.0)
      diff-lcs (>= 1.2.0, < 2.0)
      rspec-support (~> 3.11.0)
    rspec-support (3.11.0)

PLATFORMS
  ruby

DEPENDENCIES
  rspec-core
  rspec-expectations

RUBY VERSION
   ruby 2.7.1p83

BUNDLED WITH
   2.1.4
